GEM
  remote: https://rubygems.org/
  specs:
    backports (3.6.8)
    bugsnag (4.2.1)
    jwt (1.5.4)
    multi_json (1.12.1)
    puma (2.16.0)
    rack (1.6.4)
    rack-protection (1.5.3)
      rack
    rack-test (0.6.3)
      rack (>= 1.0)
    rubyzip (1.2.0)
    sinatra (1.4.7)
      rack (~> 1.5)
      rack-protection (~> 1.4)
      tilt (>= 1.3, < 3)
    sinatra-contrib (1.4.7)
      backports (>= 2.0)
      multi_json
      rack-protection
      rack-test
      sinatra (~> 1.4.0)
      tilt (>= 1.3, < 3)
    tilt (2.0.5)

PLATFORMS
  ruby

DEPENDENCIES
  bugsnag
  jwt
  puma (~> 2.7)
  rack (~> 1.4)
  rubyzip
  sinatra (~> 1.4)
  sinatra-contrib (~> 1.4.7)

BUNDLED WITH
   1.11.2
