GEM
  remote: https://rubygems.org/
  specs:
    bugsnag (4.2.1)
    puma (2.16.0)
    rack (1.6.4)
    rack-protection (1.5.3)
      rack
    sinatra (1.4.7)
      rack (~> 1.5)
      rack-protection (~> 1.4)
      tilt (>= 1.3, < 3)
    tilt (2.0.5)

PLATFORMS
  ruby

DEPENDENCIES
  bugsnag
  puma (~> 2.7)
  rack (~> 1.4)
  sinatra (~> 1.4)

BUNDLED WITH
   1.11.2
